{
	"Modality": "MR",
	"MagneticFieldStrength": 3,
	"ImagingFrequency": 123.208,
	"Manufacturer": "Siemens",
	"ManufacturersModelName": "Prisma",
	"InstitutionName": "PLA No.988 Central Hospital",
	"InstitutionalDepartmentName": "Department",
	"InstitutionAddress": "Kexue street No.62,Zhengzhou,Zhongyuan district,CN,ZIP",
	"DeviceSerialNumber": "166215",
	"StationName": "AWP166215",
	"BodyPartExamined": "HEAD",
	"PatientPosition": "HFS",
	"ProcedureStepDescription": "LIBAO^RENZHI",
	"SoftwareVersions": "syngo MR E11",
	"MRAcquisitionType": "3D",
	"SeriesDescription": "t1_mprage_sag_p2_iso_1mm",
	"ProtocolName": "t1_mprage_sag_p2_iso_1mm",
	"ScanningSequence": "GR\\IR",
	"SequenceVariant": "SK\\SP\\MP\\OSP",
	"ScanOptions": "IR",
	"SequenceName": "*tfl3d1_16ns",
	"ImageType": ["ORIGINAL", "PRIMARY", "M", "ND", "NORM", "FM", "FIL"],
	"SeriesNumber": 13,
	"AcquisitionTime": "11:17:45.362500",
	"AcquisitionNumber": 1,
	"SliceThickness": 1,
	"SAR": 0.0500976,
	"EchoTime": 0.00226,
	"RepetitionTime": 2.3,
	"SpoilingState": true,
	"InversionTime": 0.9,
	"FlipAngle": 8,
	"PartialFourier": 1,
	"BaseResolution": 256,
	"ShimSetting": [
		11624,
		-9323,
		648,
		28,
		-20,
		38,
		-24,
		-19	],
	"TxRefAmp": 229.278,
	"PhaseResolution": 1,
	"PhaseOversampling": 0.1,
	"ReceiveCoilName": "HeadNeck_64",
	"ReceiveCoilActiveElements": "HC1-7;NC1,2",
	"PulseSequenceDetails": "%SiemensSeq%\\tfl",
	"RefLinesPE": 24,
	"CoilCombinationMethod": "Adaptive Combine",
	"ConsistencyInfo": "N4_VE11E_LATEST_20181129",
	"MatrixCoilMode": "GRAPPA",
	"PercentPhaseFOV": 100,
	"PercentSampling": 100,
	"PhaseEncodingSteps": 282,
	"AcquisitionMatrixPE": 256,
	"ReconMatrixPE": 256,
	"ParallelReductionFactorInPlane": 2,
	"PixelBandwidth": 200,
	"DwellTime": 9.8e-06,
	"ImageOrientationPatientDICOM": [
		-0.050714,
		0.990798,
		-0.125491,
		0.0220302,
		-0.124513,
		-0.991973	],
	"ImageOrientationText": "Sag>Cor(-3.0)>Tra(-0.9)",
	"InPlanePhaseEncodingDirectionDICOM": "ROW",
	"ConversionSoftware": "dcm2niix",
	"ConversionSoftwareVersion": "v1.0.20211006"
}
