{
	"Modality": "MR",
	"MagneticFieldStrength": 3,
	"ImagingFrequency": 123.208,
	"Manufacturer": "Siemens",
	"ManufacturersModelName": "Prisma",
	"InstitutionName": "PLA No.988 Central Hospital",
	"InstitutionalDepartmentName": "Department",
	"InstitutionAddress": "Kexue street No.62,Zhengzhou,Zhongyuan district,CN,ZIP",
	"DeviceSerialNumber": "166215",
	"StationName": "AWP166215",
	"BodyPartExamined": "HEAD",
	"PatientPosition": "HFS",
	"ProcedureStepDescription": "LIBAO^RENZHI",
	"SoftwareVersions": "syngo MR E11",
	"MRAcquisitionType": "2D",
	"SeriesDescription": "bold_p2s2_2000ms_iso2mm_64sl_rs1",
	"ProtocolName": "bold_p2s2_2000ms_iso2mm_64sl_rs1",
	"ScanningSequence": "EP",
	"SequenceVariant": "SK",
	"ScanOptions": "FS",
	"SequenceName": "*epfid2d1_108",
	"ImageType": ["ORIGINAL", "PRIMARY", "M", "ND", "MOSAIC"],
	"SeriesNumber": 7,
	"AcquisitionTime": "13:17:45.857500",
	"AcquisitionNumber": 1,
	"SliceThickness": 2,
	"SpacingBetweenSlices": 2,
	"SAR": 0.0614684,
	"EchoTime": 0.03,
	"RepetitionTime": 2,
	"FlipAngle": 78,
	"PartialFourier": 1,
	"BaseResolution": 108,
	"ShimSetting": [
		11652,
		-9284,
		929,
		406,
		54,
		116,
		42,
		46	],
	"TxRefAmp": 242.303,
	"PhaseResolution": 1,
	"ReceiveCoilName": "HeadNeck_64",
	"ReceiveCoilActiveElements": "HC1-7;NC1",
	"PulseSequenceDetails": "%SiemensSeq%\\ep2d_bold",
	"RefLinesPE": 24,
	"CoilCombinationMethod": "Sum of Squares",
	"ConsistencyInfo": "N4_VE11E_LATEST_20181129",
	"MultibandAccelerationFactor": 2,
	"PercentPhaseFOV": 100,
	"PercentSampling": 100,
	"EchoTrainLength": 53,
	"PhaseEncodingSteps": 107,
	"AcquisitionMatrixPE": 108,
	"ReconMatrixPE": 108,
	"BandwidthPerPixelPhaseEncode": 34.294,
	"ParallelReductionFactorInPlane": 2,
	"EffectiveEchoSpacing": 0.000269996,
	"DerivedVendorReportedEchoSpacing": 0.000539993,
	"TotalReadoutTime": 0.0288896,
	"PixelBandwidth": 2205,
	"DwellTime": 2.1e-06,
	"PhaseEncodingDirection": "j-",
	"SliceTiming": [
		1.485,
		0,
		0.99,
		0.0625,
		1.0525,
		0.125,
		1.115,
		0.185,
		1.175,
		0.2475,
		1.2375,
		0.31,
		1.3,
		0.3725,
		1.36,
		0.4325,
		1.4225,
		0.5575,
		1.5475,
		0.62,
		1.6075,
		0.68,
		1.67,
		0.7425,
		1.7325,
		0.805,
		1.795,
		0.8675,
		1.855,
		0.9275,
		1.9175,
		0.495,
		1.485,
		0,
		0.99,
		0.0625,
		1.0525,
		0.125,
		1.115,
		0.185,
		1.175,
		0.2475,
		1.2375,
		0.31,
		1.3,
		0.3725,
		1.36,
		0.4325,
		1.4225,
		0.5575,
		1.5475,
		0.62,
		1.6075,
		0.68,
		1.67,
		0.7425,
		1.7325,
		0.805,
		1.795,
		0.8675,
		1.855,
		0.9275,
		1.9175,
		0.495	],
	"ImageOrientationPatientDICOM": [
		0.998648,
		0.0370786,
		0.0364469,
		-0.0352225,
		0.998112,
		-0.0503123	],
	"ImageOrientationText": "Tra>Cor(-2.8)>Sag(2.2)",
	"InPlanePhaseEncodingDirectionDICOM": "COL",
	"ConversionSoftware": "dcm2niix",
"ConversionSoftwareVersion": "v1.0.20211006",
"TaskName": "02"
}
