{
	"Modality": "MR",
	"MagneticFieldStrength": 3,
	"ImagingFrequency": 123.208,
	"Manufacturer": "Siemens",
	"ManufacturersModelName": "Prisma",
	"InstitutionName": "PLA No.988 Central Hospital",
	"InstitutionalDepartmentName": "Department",
	"InstitutionAddress": "Kexue street No.62,Zhengzhou,Zhongyuan district,CN,ZIP",
	"DeviceSerialNumber": "166215",
	"StationName": "AWP166215",
	"BodyPartExamined": "HEAD",
	"PatientPosition": "HFS",
	"ProcedureStepDescription": "LIBAO^RENZHI",
	"SoftwareVersions": "syngo MR E11",
	"MRAcquisitionType": "2D",
	"SeriesDescription": "bold_p2s2_2000ms_iso2mm_64sl_rs2",
	"ProtocolName": "bold_p2s2_2000ms_iso2mm_64sl_rs2",
	"ScanningSequence": "EP",
	"SequenceVariant": "SK",
	"ScanOptions": "FS",
	"SequenceName": "*epfid2d1_108",
	"ImageType": ["ORIGINAL", "PRIMARY", "M", "ND", "MOSAIC"],
	"SeriesNumber": 10,
	"AcquisitionTime": "09:56:18.480000",
	"AcquisitionNumber": 1,
	"SliceThickness": 2,
	"SpacingBetweenSlices": 2,
	"SAR": 0.0575238,
	"EchoTime": 0.03,
	"RepetitionTime": 2,
	"FlipAngle": 78,
	"PartialFourier": 1,
	"BaseResolution": 108,
	"ShimSetting": [
		11630,
		-9281,
		885,
		299,
		-86,
		-37,
		-89,
		-37	],
	"TxRefAmp": 214.503,
	"PhaseResolution": 1,
	"ReceiveCoilName": "HeadNeck_64",
	"ReceiveCoilActiveElements": "HC1-7;NC1",
	"PulseSequenceDetails": "%SiemensSeq%\\ep2d_bold",
	"RefLinesPE": 24,
	"CoilCombinationMethod": "Sum of Squares",
	"ConsistencyInfo": "N4_VE11E_LATEST_20181129",
	"MultibandAccelerationFactor": 2,
	"PercentPhaseFOV": 100,
	"PercentSampling": 100,
	"EchoTrainLength": 53,
	"PhaseEncodingSteps": 107,
	"AcquisitionMatrixPE": 108,
	"ReconMatrixPE": 108,
	"BandwidthPerPixelPhaseEncode": 34.294,
	"ParallelReductionFactorInPlane": 2,
	"EffectiveEchoSpacing": 0.000269996,
	"DerivedVendorReportedEchoSpacing": 0.000539993,
	"TotalReadoutTime": 0.0288896,
	"PixelBandwidth": 2205,
	"DwellTime": 2.1e-06,
	"PhaseEncodingDirection": "j-",
	"SliceTiming": [
		1.485,
		0,
		0.99,
		0.0625,
		1.0525,
		0.125,
		1.115,
		0.1875,
		1.1775,
		0.2475,
		1.2375,
		0.31,
		1.3,
		0.3725,
		1.3625,
		0.435,
		1.425,
		0.5575,
		1.5475,
		0.62,
		1.61,
		0.6825,
		1.6725,
		0.7425,
		1.7325,
		0.805,
		1.795,
		0.8675,
		1.8575,
		0.93,
		1.92,
		0.495,
		1.485,
		0,
		0.99,
		0.0625,
		1.0525,
		0.125,
		1.115,
		0.1875,
		1.1775,
		0.2475,
		1.2375,
		0.31,
		1.3,
		0.3725,
		1.3625,
		0.435,
		1.425,
		0.5575,
		1.5475,
		0.62,
		1.61,
		0.6825,
		1.6725,
		0.7425,
		1.7325,
		0.805,
		1.795,
		0.8675,
		1.8575,
		0.93,
		1.92,
		0.495	],
	"ImageOrientationPatientDICOM": [
		0.996438,
		-0.0367155,
		0.0759114,
		0.0421116,
		0.996605,
		-0.0707508	],
	"ImageOrientationText": "Tra>Cor(-4.2)>Sag(4.2)",
	"InPlanePhaseEncodingDirectionDICOM": "COL",
	"ConversionSoftware": "dcm2niix",
	"ConversionSoftwareVersion": "v1.0.20211006"
}
