{
	"Modality": "MR",
	"MagneticFieldStrength": 3,
	"ImagingFrequency": 123.208,
	"Manufacturer": "Siemens",
	"ManufacturersModelName": "Prisma",
	"InstitutionName": "PLA No.988 Central Hospital",
	"InstitutionalDepartmentName": "Department",
	"InstitutionAddress": "Kexue street No.62,Zhengzhou,Zhongyuan district,CN,ZIP",
	"DeviceSerialNumber": "166215",
	"StationName": "AWP166215",
	"BodyPartExamined": "HEAD",
	"PatientPosition": "HFS",
	"ProcedureStepDescription": "LIBAO^RENZHI",
	"SoftwareVersions": "syngo MR E11",
	"MRAcquisitionType": "2D",
	"SeriesDescription": "bold_p2s2_2000ms_iso2mm_64sl_run4",
	"ProtocolName": "bold_p2s2_2000ms_iso2mm_64sl_run4",
	"ScanningSequence": "EP",
	"SequenceVariant": "SK",
	"ScanOptions": "FS",
	"SequenceName": "*epfid2d1_108",
	"ImageType": ["ORIGINAL", "PRIMARY", "M", "ND", "MOSAIC"],
	"SeriesNumber": 9,
	"AcquisitionTime": "17:41:14.437500",
	"AcquisitionNumber": 1,
	"SliceThickness": 2,
	"SpacingBetweenSlices": 2,
	"SAR": 0.0554948,
	"EchoTime": 0.03,
	"RepetitionTime": 2,
	"FlipAngle": 78,
	"PartialFourier": 1,
	"BaseResolution": 108,
	"ShimSetting": [
		11616,
		-9291,
		898,
		532,
		-75,
		4,
		-36,
		14	],
	"TxRefAmp": 210.67,
	"PhaseResolution": 1,
	"ReceiveCoilName": "HeadNeck_64",
	"ReceiveCoilActiveElements": "HC1-7;NC1",
	"PulseSequenceDetails": "%SiemensSeq%\\ep2d_bold",
	"RefLinesPE": 24,
	"CoilCombinationMethod": "Sum of Squares",
	"ConsistencyInfo": "N4_VE11E_LATEST_20181129",
	"MultibandAccelerationFactor": 2,
	"PercentPhaseFOV": 100,
	"PercentSampling": 100,
	"EchoTrainLength": 53,
	"PhaseEncodingSteps": 107,
	"AcquisitionMatrixPE": 108,
	"ReconMatrixPE": 108,
	"BandwidthPerPixelPhaseEncode": 34.294,
	"ParallelReductionFactorInPlane": 2,
	"EffectiveEchoSpacing": 0.000269996,
	"DerivedVendorReportedEchoSpacing": 0.000539993,
	"TotalReadoutTime": 0.0288896,
	"PixelBandwidth": 2205,
	"DwellTime": 2.1e-06,
	"PhaseEncodingDirection": "j-",
	"SliceTiming": [
		1.485,
		0,
		0.99,
		0.06,
		1.05,
		0.1225,
		1.1125,
		0.185,
		1.175,
		0.2475,
		1.2375,
		0.3075,
		1.2975,
		0.37,
		1.36,
		0.4325,
		1.4225,
		0.555,
		1.545,
		0.6175,
		1.6075,
		0.68,
		1.67,
		0.7425,
		1.7325,
		0.8025,
		1.7925,
		0.865,
		1.855,
		0.9275,
		1.9175,
		0.495,
		1.485,
		0,
		0.99,
		0.06,
		1.05,
		0.1225,
		1.1125,
		0.185,
		1.175,
		0.2475,
		1.2375,
		0.3075,
		1.2975,
		0.37,
		1.36,
		0.4325,
		1.4225,
		0.555,
		1.545,
		0.6175,
		1.6075,
		0.68,
		1.67,
		0.7425,
		1.7325,
		0.8025,
		1.7925,
		0.865,
		1.855,
		0.9275,
		1.9175,
		0.495	],
	"ImageOrientationPatientDICOM": [
		0.998698,
		-0.0482876,
		0.0164808,
		0.0497181,
		0.993571,
		-0.101705	],
	"ImageOrientationText": "Tra>Cor(-5.9)>Sag(0.7)",
	"InPlanePhaseEncodingDirectionDICOM": "COL",
	"ConversionSoftware": "dcm2niix",
	"ConversionSoftwareVersion": "v1.0.20211006"
}
